GEM
  remote: https://rubygems.org/
  specs:
    cisco_acl_intp (0.0.4)
      netaddr (~> 1.5.1)
      term-ansicolor (~> 1.3.2)
    netaddr (1.5.1)
    term-ansicolor (1.3.2)
      tins (~> 1.0)
    tins (1.10.2)

PLATFORMS
  ruby

DEPENDENCIES
  cisco_acl_intp (= 0.0.4)
  netaddr (= 1.5.1)

BUNDLED WITH
   1.12.0
